GEM
  remote: https://rubygems.org/
  specs:
    gctools (0.2.3)
    json (1.8.3)
    prefork_engine (0.0.5)
      proc-wait3 (~> 1.7.2)
    proc-wait3 (1.7.2)
    rack (1.6.4)
    rack-protection (1.5.3)
      rack
    rhebok (0.8.6)
      prefork_engine (>= 0.0.4)
      rack
    sinatra (1.4.6)
      rack (~> 1.4)
      rack-protection (~> 1.4)
      tilt (>= 1.3, < 3)
    tilt (2.0.1)

PLATFORMS
  ruby

DEPENDENCIES
  gctools
  json
  rhebok
  sinatra
