GEM
  remote: https://rubygems.org/
  specs:
    chunky_png (1.3.8)
    easy_translate (0.5.0)
      json
      thread
      thread_safe
    gctools (0.2.4)
    json (2.1.0)
    mustermann (1.0.1)
    prefork_engine (0.0.7)
      proc-wait3 (~> 1.7.2)
    proc-wait3 (1.7.3)
    rack (2.0.3)
    rack-protection (2.0.0)
      rack
    rhebok (0.9.3)
      prefork_engine (>= 0.0.7)
      rack
    rqrcode (0.10.1)
      chunky_png (~> 1.0)
    rqrcode_png (0.1.5)
      chunky_png
      rqrcode
    sinatra (2.0.0)
      mustermann (~> 1.0)
      rack (~> 2.0)
      rack-protection (= 2.0.0)
      tilt (~> 2.0)
    thread (0.2.2)
    thread_safe (0.3.6)
    tilt (2.0.8)

PLATFORMS
  ruby

DEPENDENCIES
  easy_translate
  gctools
  json
  rhebok
  rqrcode_png
  sinatra

BUNDLED WITH
   1.16.0.pre.3
