GEM
  remote: https://rubygems.org/
  specs:
    chunky_png (1.3.4)
    easy_translate (0.5.0)
      json
      thread
      thread_safe
    gctools (0.2.3)
    json (1.8.3)
    prefork_engine (0.0.5)
      proc-wait3 (~> 1.7.2)
    proc-wait3 (1.7.2)
    rack (1.6.4)
    rack-protection (1.5.3)
      rack
    rhebok (0.8.6)
      prefork_engine (>= 0.0.4)
      rack
    rqrcode (0.7.0)
      chunky_png
    rqrcode_png (0.1.5)
      chunky_png
      rqrcode
    sinatra (1.4.6)
      rack (~> 1.4)
      rack-protection (~> 1.4)
      tilt (>= 1.3, < 3)
    thread (0.2.2)
    thread_safe (0.3.5)
    tilt (2.0.1)

PLATFORMS
  ruby

DEPENDENCIES
  easy_translate
  gctools
  json
  rhebok
  rqrcode_png
  sinatra

BUNDLED WITH
   1.10.6
